GIT
  remote: git@github.com:awesome-print/awesome_print.git
  revision: 4564fd74721562cbef2443f7d97109bf9192343d
  specs:
    awesome_print (1.8.0)

GEM
  remote: https://rubygems.org/
  specs:
    addressable (2.3.8)
    coderay (1.1.2)
    diff-lcs (1.3)
<<<<<<< HEAD
    faraday (0.9.2)
      multipart-post (>= 1.2, < 3)
=======
>>>>>>> 8341473d3751f200cc02e973428b0dadbb47ac81
    hashie (3.6.0)
    mail (2.7.1)
      mini_mime (>= 0.1.1)
    method_source (0.9.2)
    mini_mime (1.0.2)
<<<<<<< HEAD
    multipart-post (2.1.1)
    octokit (2.7.2)
      sawyer (~> 0.5.2)
=======
    mustermann (1.0.3)
>>>>>>> 8341473d3751f200cc02e973428b0dadbb47ac81
    pry (0.12.2)
      coderay (~> 1.1.0)
      method_source (~> 0.9.0)
    rack (1.6.11)
    rack-protection (1.5.5)
      rack
    rspec (3.8.0)
      rspec-core (~> 3.8.0)
      rspec-expectations (~> 3.8.0)
      rspec-mocks (~> 3.8.0)
    rspec-core (3.8.0)
      rspec-support (~> 3.8.0)
    rspec-expectations (3.8.3)
      diff-lcs (>= 1.2.0, < 2.0)
      rspec-support (~> 3.8.0)
    rspec-mocks (3.8.0)
      diff-lcs (>= 1.2.0, < 2.0)
      rspec-support (~> 3.8.0)
    rspec-support (3.8.0)
    sawyer (0.5.5)
      addressable (~> 2.3.5)
      faraday (~> 0.8, < 0.10)
    sinatra (1.4.4)
      rack (~> 1.4)
      rack-protection (~> 1.4)
      tilt (~> 1.3, >= 1.3.4)
    tilt (1.4.1)

PLATFORMS
  ruby

DEPENDENCIES
<<<<<<< HEAD
  awesome_print!
  hashie
  mail (~> 2.6, >= 2.6.3)
  octokit (~> 2.0)
=======
  hashie
  mail (~> 2.6, >= 2.6.3)
>>>>>>> 8341473d3751f200cc02e973428b0dadbb47ac81
  pry
  rspec
  sinatra (= 1.4.4)

BUNDLED WITH
   2.0.1
